GEM
  remote: https://rubygems.org/
  specs:
    curses (1.4.4)

PLATFORMS
  x86_64-darwin-21

DEPENDENCIES
  curses

BUNDLED WITH
   2.3.3
